PATH
  remote: .
  specs:
    rottentomatoes (1.1.1)
      deepopenstruct (>= 0.1.2)
      json

GEM
  remote: http://rubygems.org/
  specs:
    addressable (2.2.4)
    crack (0.1.8)
    deepopenstruct (0.1.2)
    diff-lcs (1.1.2)
    json (1.8.2)
    rspec (2.0.1)
      rspec-core (~> 2.0.1)
      rspec-expectations (~> 2.0.1)
      rspec-mocks (~> 2.0.1)
    rspec-core (2.0.1)
    rspec-expectations (2.0.1)
      diff-lcs (>= 1.1.2)
    rspec-mocks (2.0.1)
      rspec-core (~> 2.0.1)
      rspec-expectations (~> 2.0.1)
    webmock (1.6.2)
      addressable (>= 2.2.2)
      crack (>= 0.1.7)

PLATFORMS
  ruby

DEPENDENCIES
  bundler (>= 1.0.0)
  rottentomatoes!
  rspec (~> 2.0.0.beta.22)
  webmock (>= 1.6.2)
